GEM
  remote: http://rubygems.org/
  specs:
    diff-lcs (1.2.5)
    jar-dependencies (0.4.1)
    rake (13.0.6)
    rspec (3.5.0)
      rspec-core (~> 3.5.0)
      rspec-expectations (~> 3.5.0)
      rspec-mocks (~> 3.5.0)
    rspec-core (3.5.4)
      rspec-support (~> 3.5.0)
    rspec-expectations (3.5.0)
      diff-lcs (>= 1.2.0, < 2.0)
      rspec-support (~> 3.5.0)
    rspec-mocks (3.5.0)
      diff-lcs (>= 1.2.0, < 2.0)
      rspec-support (~> 3.5.0)
    rspec-support (3.5.0)

PLATFORMS
  universal-java-11

DEPENDENCIES
  jar-dependencies
  rake (> 10.0)
  rspec (~> 3.0)

BUNDLED WITH
   2.3.12
